GIT
  remote: git://github.com/afunai/ya2yaml
  revision: 1ef6b6237a0eb1e5600097427e855171235c56ce
  specs:
    ya2yaml (0.30)

GIT
  remote: git://github.com/datamapper/dm-active_model
  revision: 5758780a5fbb3e6c0e8a358c84bfb6e12aa02e01
  specs:
    dm-active_model (1.1.1)
      activemodel (~> 3.0.4)
      dm-core (~> 1.1.0)

GIT
  remote: git://github.com/datamapper/dm-aggregates
  revision: 0281a1a35d73bdd8077e73412ad1cd7f0e0538e7
  specs:
    dm-aggregates (1.1.1)
      dm-core (~> 1.1.0)

GIT
  remote: git://github.com/datamapper/dm-core.git
  revision: 3679fad8a4d5fac29026803525edf7dbd2a4528a
  specs:
    dm-core (1.1.1)
      addressable (~> 2.2.4)

GIT
  remote: git://github.com/datamapper/dm-do-adapter
  revision: 2b5c4355f7dabf9107f54739f2f9710b03da1da4
  specs:
    dm-do-adapter (1.1.1)
      data_objects (~> 0.10.6)
      dm-core (~> 1.1.1)

GIT
  remote: git://github.com/datamapper/dm-is-tree
  revision: 9b95190742e57f1ae20d1f6924646176de7c00c9
  specs:
    dm-is-tree (1.1.1)
      dm-core (~> 1.1.0)

GIT
  remote: git://github.com/datamapper/dm-migrations
  revision: 09c652e705358e02bfb19bb6a86b39a1cc561ef4
  specs:
    dm-migrations (1.1.1)
      dm-core (~> 1.1.0)

GIT
  remote: git://github.com/datamapper/dm-mysql-adapter.git
  revision: 877934b7017de39433c81096c2bb9af50eff0ad3
  specs:
    dm-mysql-adapter (1.1.1)
      dm-do-adapter (~> 1.1.1)
      do_mysql (~> 0.10.6)

GIT
  remote: git://github.com/datamapper/dm-observer
  revision: aefb7b6f8c75ddae196d2866248ce5602de090cc
  specs:
    dm-observer (1.1.1)
      dm-core (~> 1.1.0)

GIT
  remote: git://github.com/datamapper/dm-rails.git
  revision: 85f8bf340e5c6182c462c031705efe7157a00398
  specs:
    dm-rails (1.1.1)
      actionpack (~> 3.0.4)
      dm-active_model (~> 1.1.0)
      dm-core (~> 1.1.0)
      railties (~> 3.0.4)

GIT
  remote: git://github.com/datamapper/dm-timestamps
  revision: 00bbe2537c8bc399003520d4590f2bfc72174a57
  specs:
    dm-timestamps (1.1.1)
      dm-core (~> 1.1.0)

GIT
  remote: git://github.com/datamapper/dm-transactions.git
  revision: 1712a9094d2199079ea82d4fcc687c7eb777c49c
  specs:
    dm-transactions (1.1.1)
      dm-core (~> 1.1.0)

GIT
  remote: git://github.com/datamapper/dm-types
  revision: 63cf7ff3c7a3c96e48689fe190e8834c361fd9da
  specs:
    dm-types (1.1.1)
      bcrypt-ruby (~> 2.1.4)
      dm-core (~> 1.1.0)
      fastercsv (~> 1.5.4)
      json (~> 1.5.1)
      multi_json (~> 1.0.3)
      stringex (~> 1.2.0)
      uuidtools (~> 2.1.2)

GIT
  remote: git://github.com/datamapper/dm-validations
  revision: 50d7c7815f03ec4bf1250aa970f5e4a16b5c695a
  specs:
    dm-validations (1.1.1)
      dm-core (~> 1.1.0)

GIT
  remote: git://github.com/jnicklas/capybara.git
  revision: d956e5eec64b03aa3d97d182439433184aef888a
  specs:
    capybara (1.0.0)
      mime-types (>= 1.16)
      nokogiri (>= 1.3.3)
      rack (>= 1.0.0)
      rack-test (>= 0.5.4)
      selenium-webdriver (~> 0.2.0)
      xpath (~> 0.1.4)

GIT
  remote: git://github.com/makevoid/dm-validations-i18n.git
  revision: 182a1239e230f3adf3022ac0e1db47c42068cd95
  specs:
    dm-validations-i18n (0.3.1)
      dm-validations (>= 1.0.2)

GIT
  remote: git://github.com/rails/exception_notification
  revision: 192a49a02d63d28b23ed41cebadfedd490929cf1
  specs:
    exception_notification (1.0.0)

GEM
  remote: http://rubygems.org/
  specs:
    RedCloth (4.2.7)
    abstract (1.0.0)
    actionmailer (3.0.9)
      actionpack (= 3.0.9)
      mail (~> 2.2.19)
    actionpack (3.0.9)
      activemodel (= 3.0.9)
      activesupport (= 3.0.9)
      builder (~> 2.1.2)
      erubis (~> 2.6.6)
      i18n (~> 0.5.0)
      rack (~> 1.2.1)
      rack-mount (~> 0.6.14)
      rack-test (~> 0.5.7)
      tzinfo (~> 0.3.23)
    activemodel (3.0.9)
      activesupport (= 3.0.9)
      builder (~> 2.1.2)
      i18n (~> 0.5.0)
    activesupport (3.0.9)
    addressable (2.2.6)
    bcrypt-ruby (2.1.4)
    builder (2.1.2)
    childprocess (0.1.9)
      ffi (~> 1.0.6)
    configuration (1.2.0)
    data_objects (0.10.6)
      addressable (~> 2.1)
    database_cleaner (0.6.7)
    diff-lcs (1.1.2)
    do_mysql (0.10.6)
      data_objects (= 0.10.6)
    erubis (2.6.6)
      abstract (>= 1.0.0)
    escape (0.0.4)
    fastercsv (1.5.4)
    ffi (1.0.9)
    haml (3.1.2)
    i18n (0.5.0)
    json (1.5.2)
    json_pure (1.5.2)
    launchy (0.4.0)
      configuration (>= 0.0.5)
      rake (>= 0.8.1)
    mail (2.2.19)
      activesupport (>= 2.3.6)
      i18n (>= 0.4.0)
      mime-types (~> 1.16)
      treetop (~> 1.4.8)
    mime-types (1.16)
    mixpanel (0.8.1)
      escape
      json
      rack
    multi_json (1.0.3)
    nokogiri (1.4.5)
    polyglot (0.3.1)
    rack (1.2.3)
    rack-mount (0.6.14)
      rack (>= 1.0.0)
    rack-test (0.5.7)
      rack (>= 1.0)
    railties (3.0.9)
      actionpack (= 3.0.9)
      activesupport (= 3.0.9)
      rake (>= 0.8.7)
      rdoc (~> 3.4)
      thor (~> 0.14.4)
    rake (0.9.2)
    rdoc (3.6.1)
    rspec (2.6.0)
      rspec-core (~> 2.6.0)
      rspec-expectations (~> 2.6.0)
      rspec-mocks (~> 2.6.0)
    rspec-core (2.6.4)
    rspec-expectations (2.6.0)
      diff-lcs (~> 1.1.2)
    rspec-mocks (2.6.0)
    rspec-rails (2.6.1)
      actionpack (~> 3.0)
      activesupport (~> 3.0)
      railties (~> 3.0)
      rspec (~> 2.6.0)
    rubyzip (0.9.4)
    sass (3.1.2)
    selenium-webdriver (0.2.1)
      childprocess (>= 0.1.7)
      ffi (>= 1.0.7)
      json_pure
      rubyzip
    steak (2.0.0)
      capybara (>= 1.0.0)
      rspec-rails (>= 2.5.0)
    stringex (1.2.1)
    thor (0.14.6)
    treetop (1.4.9)
      polyglot (>= 0.3.1)
    tzinfo (0.3.28)
    uuidtools (2.1.2)
    voidtools (0.2.3)
    xpath (0.1.4)
      nokogiri (~> 1.3)

PLATFORMS
  ruby

DEPENDENCIES
  RedCloth
  actionmailer (~> 3.0.5)
  actionpack (~> 3.0.5)
  activesupport (~> 3.0.5)
  capybara!
  database_cleaner
  dm-active_model (~> 1.1.0)!
  dm-aggregates (~> 1.1.0)!
  dm-core (~> 1.1.0)!
  dm-do-adapter (~> 1.1.0)!
  dm-is-tree!
  dm-migrations (~> 1.1.0)!
  dm-mysql-adapter (~> 1.1.0)!
  dm-observer (~> 1.1.0)!
  dm-rails (~> 1.1.0)!
  dm-timestamps (~> 1.1.0)!
  dm-transactions (~> 1.1.0)!
  dm-types (~> 1.1.0)!
  dm-validations (~> 1.1.0)!
  dm-validations-i18n!
  exception_notification!
  haml
  launchy
  mixpanel
  railties (~> 3.0.5)
  rspec-rails
  sass
  steak
  voidtools
  ya2yaml!
