GIT
  remote: git://github.com/datamapper/dm-active_model
  revision: aa8927391fb7db6eadd38d9d7bfbf3d663fd87ac
  specs:
    dm-active_model (1.3.0.beta)
      activemodel (~> 3.0)
      dm-core (~> 1.3.0.beta)

GIT
  remote: git://github.com/datamapper/dm-aggregates
  revision: 68a6f29ab3c663a58eec2b5943e2ce538a9a4a2f
  specs:
    dm-aggregates (1.3.0.beta)
      dm-core (~> 1.3.0.beta)

GIT
  remote: git://github.com/datamapper/dm-core.git
  revision: 9d9f73970580dcacba3e3bdb1564045d1c4e2122
  specs:
    dm-core (1.3.0.beta)
      addressable (~> 2.2.6)
      virtus (~> 0.4.1)

GIT
  remote: git://github.com/datamapper/dm-do-adapter
  revision: d295d77f3e4b66cc22c10046598b500d8fa24dec
  specs:
    dm-do-adapter (1.3.0.beta)
      data_objects (~> 0.10.6)
      dm-core (~> 1.3.0.beta)

GIT
  remote: git://github.com/datamapper/dm-is-tree
  revision: 9764928aa0a9f6d59d79f0fa686f2560a2bac1fb
  specs:
    dm-is-tree (1.3.0.beta)
      dm-core (~> 1.3.0.beta)

GIT
  remote: git://github.com/datamapper/dm-migrations
  revision: 8bfcec08286a12ceee1bc3e5a01da3b5b7d4a74d
  specs:
    dm-migrations (1.3.0.beta)
      dm-core (~> 1.3.0.beta)

GIT
  remote: git://github.com/datamapper/dm-mysql-adapter.git
  revision: ab08f5f57b77867b882f5fe873574d5a6b1f23be
  specs:
    dm-mysql-adapter (1.3.0.beta)
      dm-do-adapter (~> 1.3.0.beta)
      do_mysql (~> 0.10.6)

GIT
  remote: git://github.com/datamapper/dm-rails.git
  revision: 5f3fb01a9d5f5adb17665a3bdabffd396d722e61
  specs:
    dm-rails (1.3.0.beta)
      actionpack (~> 3.0)
      dm-active_model (~> 1.3.0.beta)
      railties (~> 3.0)

GIT
  remote: git://github.com/datamapper/dm-timestamps
  revision: 70b58b365a29a26af62fc580be6c57b97c2770ca
  specs:
    dm-timestamps (1.3.0.beta)
      dm-core (~> 1.3.0.beta)

GIT
  remote: git://github.com/datamapper/dm-validations
  revision: 6da3c28c79c68125cc37c9994f106350570b88e3
  specs:
    dm-validations (1.3.0.beta)
      dm-core (~> 1.3.0.beta)

GIT
  remote: git://github.com/jnicklas/capybara.git
  revision: 644853c6e4be9f510331bc649a544e2569f5326f
  specs:
    capybara (1.1.2)
      mime-types (>= 1.16)
      nokogiri (>= 1.3.3)
      rack (>= 1.0.0)
      rack-test (>= 0.5.4)
      selenium-webdriver (~> 2.0)
      xpath (~> 0.1.4)

GIT
  remote: git://github.com/makevoid/dm-validations-i18n.git
  revision: 182a1239e230f3adf3022ac0e1db47c42068cd95
  specs:
    dm-validations-i18n (0.3.1)
      dm-validations (>= 1.0.2)

GIT
  remote: git://github.com/makevoid/voidtools
  revision: d2cd5e571946dd6896d0745dbd820664d42eeaa6
  specs:
    voidtools (0.2.9)

GIT
  remote: git://github.com/rails/exception_notification
  revision: 192a49a02d63d28b23ed41cebadfedd490929cf1
  specs:
    exception_notification (1.0.0)

GEM
  remote: http://rubygems.org/
  specs:
    RedCloth (4.2.9)
    actionmailer (3.1.4)
      actionpack (= 3.1.4)
      mail (~> 2.3.0)
    actionpack (3.1.4)
      activemodel (= 3.1.4)
      activesupport (= 3.1.4)
      builder (~> 3.0.0)
      erubis (~> 2.7.0)
      i18n (~> 0.6)
      rack (~> 1.3.6)
      rack-cache (~> 1.1)
      rack-mount (~> 0.8.2)
      rack-test (~> 0.6.1)
      sprockets (~> 2.0.3)
    activemodel (3.1.4)
      activesupport (= 3.1.4)
      builder (~> 3.0.0)
      i18n (~> 0.6)
    activesupport (3.1.4)
      multi_json (~> 1.0)
    addressable (2.2.8)
    backports (2.5.3)
    builder (3.0.0)
    childprocess (0.3.2)
      ffi (~> 1.0.6)
    daemons (1.1.8)
    data_objects (0.10.8)
      addressable (~> 2.1)
    database_cleaner (0.7.2)
    diff-lcs (1.1.3)
    do_mysql (0.10.8)
      data_objects (= 0.10.8)
    erubis (2.7.0)
    escape (0.0.4)
    eventmachine (0.12.10)
    ffi (1.0.11)
    haml (3.1.6)
    hike (1.2.1)
    i18n (0.6.0)
    json (1.7.3)
    launchy (2.1.0)
      addressable (~> 2.2.6)
    libwebsocket (0.1.3)
      addressable
    mail (2.3.3)
      i18n (>= 0.4.0)
      mime-types (~> 1.16)
      treetop (~> 1.4.8)
    mime-types (1.18)
    mixpanel (1.1.3)
      escape
      json
      rack
    multi_json (1.3.6)
    newrelic_rpm (3.3.4.1)
    nokogiri (1.5.2)
    polyglot (0.3.3)
    rack (1.3.6)
    rack-cache (1.2)
      rack (>= 0.4)
    rack-mount (0.8.3)
      rack (>= 1.0.0)
    rack-ssl (1.3.2)
      rack
    rack-test (0.6.1)
      rack (>= 1.0)
    railties (3.1.4)
      actionpack (= 3.1.4)
      activesupport (= 3.1.4)
      rack-ssl (~> 1.3.2)
      rake (>= 0.8.7)
      rdoc (~> 3.4)
      thor (~> 0.14.6)
    rake (0.9.2.2)
    rdoc (3.12)
      json (~> 1.4)
    rspec (2.10.0)
      rspec-core (~> 2.10.0)
      rspec-expectations (~> 2.10.0)
      rspec-mocks (~> 2.10.0)
    rspec-core (2.10.1)
    rspec-expectations (2.10.0)
      diff-lcs (~> 1.1.3)
    rspec-mocks (2.10.1)
    rspec-rails (2.10.1)
      actionpack (>= 3.0)
      activesupport (>= 3.0)
      railties (>= 3.0)
      rspec (~> 2.10.0)
    rubyzip (0.9.8)
    sass (3.1.19)
    selenium-webdriver (2.21.2)
      childprocess (>= 0.2.5)
      ffi (~> 1.0)
      libwebsocket (~> 0.1.3)
      multi_json (~> 1.0)
      rubyzip
    sprockets (2.0.4)
      hike (~> 1.2)
      rack (~> 1.0)
      tilt (~> 1.1, != 1.3.0)
    steak (2.0.0)
      capybara (>= 1.0.0)
      rspec-rails (>= 2.5.0)
    thin (1.3.1)
      daemons (>= 1.0.9)
      eventmachine (>= 0.12.6)
      rack (>= 1.0.0)
    thor (0.14.6)
    tilt (1.3.3)
    treetop (1.4.10)
      polyglot
      polyglot (>= 0.3.1)
    tzinfo (0.3.33)
    virtus (0.4.2)
      backports (~> 2.5.3)
    xpath (0.1.4)
      nokogiri (~> 1.3)

PLATFORMS
  ruby

DEPENDENCIES
  RedCloth
  actionmailer (~> 3.1.0)
  actionpack (~> 3.1.0)
  activesupport (~> 3.1.0)
  capybara!
  database_cleaner
  dm-active_model (~> 1.3.0.beta)!
  dm-aggregates (~> 1.3.0.beta)!
  dm-core (~> 1.3.0.beta)!
  dm-do-adapter (~> 1.3.0.beta)!
  dm-is-tree!
  dm-migrations (~> 1.3.0.beta)!
  dm-mysql-adapter (~> 1.3.0.beta)!
  dm-rails (~> 1.3.0.beta)!
  dm-timestamps (~> 1.3.0.beta)!
  dm-validations (~> 1.3.0.beta)!
  dm-validations-i18n!
  exception_notification!
  haml
  json
  launchy
  mixpanel
  newrelic_rpm
  nokogiri
  railties (~> 3.1.0)
  rspec-rails
  sass
  steak
  thin
  tzinfo
  voidtools!
  xpath
