GIT
  remote: git://github.com/afunai/ya2yaml
  revision: 1ef6b6237a0eb1e5600097427e855171235c56ce
  specs:
    ya2yaml (0.30)

GIT
  remote: git://github.com/datamapper/dm-active_model
  revision: 533a55b1cbb6f2711d57418a04ba9f6e77dae034
  specs:
    dm-active_model (1.2.0.rc1)
      activemodel (~> 3.1.0)
      dm-core (~> 1.2.0.rc1)

GIT
  remote: git://github.com/datamapper/dm-aggregates
  revision: b3ea3901f98125185fd2c031f9db2d751f39749a
  specs:
    dm-aggregates (1.2.0.rc1)
      dm-core (~> 1.2.0.rc1)

GIT
  remote: git://github.com/datamapper/dm-core.git
  revision: 6031e6ef3ee8d760f12a58b67b6e3d13e74bf7f6
  specs:
    dm-core (1.2.0.rc2)
      addressable (~> 2.2.6)
      virtus (~> 0.0.8)

GIT
  remote: git://github.com/datamapper/dm-is-tree
  revision: 7d5359794bf3c567a02b24e3135927de0e8f7d5f
  specs:
    dm-is-tree (1.2.0.rc1)
      dm-core (~> 1.2.0.rc1)

GIT
  remote: git://github.com/datamapper/dm-migrations
  revision: febf85b333e7bbc8dad36642968e914b71fee8ce
  specs:
    dm-migrations (1.2.0.rc1)
      dm-core (~> 1.2.0.rc1)

GIT
  remote: git://github.com/datamapper/dm-mysql-adapter.git
  revision: 6332c8854b782bf4561481e32f8c18c695c68021
  specs:
    dm-mysql-adapter (1.2.0.rc1)
      dm-do-adapter (~> 1.2.0.rc1)
      do_mysql (~> 0.10.6)

GIT
  remote: git://github.com/datamapper/dm-rails.git
  revision: 075b63b252d6aa6924f00fa5b93161d30d48bf63
  specs:
    dm-rails (1.2.0.rc1)
      actionpack (~> 3.1.0)
      dm-active_model (~> 1.2.0.rc1)
      dm-core (~> 1.2.0.rc1)
      railties (~> 3.1.0)

GIT
  remote: git://github.com/datamapper/dm-timestamps
  revision: 00e591691ee7c4e3539b6d93d63be245f2f6ce0a
  specs:
    dm-timestamps (1.2.0.rc1)
      dm-core (~> 1.2.0.rc1)

GIT
  remote: git://github.com/datamapper/dm-validations
  revision: 69c7cf5b92adaeefe64b14ce58e3436478b4f737
  specs:
    dm-validations (1.2.0.rc1)
      dm-core (~> 1.2.0.rc1)

GIT
  remote: git://github.com/jnicklas/capybara.git
  revision: 6100a6a1d4f0d98608a786a1b933c87bdbe53e58
  specs:
    capybara (1.1.1)
      mime-types (>= 1.16)
      nokogiri (>= 1.3.3)
      rack (>= 1.0.0)
      rack-test (>= 0.5.4)
      selenium-webdriver (~> 2.0)
      xpath (~> 0.1.4)

GIT
  remote: git://github.com/makevoid/dm-validations-i18n.git
  revision: 182a1239e230f3adf3022ac0e1db47c42068cd95
  specs:
    dm-validations-i18n (0.3.1)
      dm-validations (>= 1.0.2)

GIT
  remote: git://github.com/makevoid/voidtools
  revision: 707a87770f52790fdd9fec1518f21dd0069681c7
  specs:
    voidtools (0.2.4)

GIT
  remote: git://github.com/rails/exception_notification
  revision: 192a49a02d63d28b23ed41cebadfedd490929cf1
  specs:
    exception_notification (1.0.0)

GEM
  remote: http://rubygems.org/
  specs:
    RedCloth (4.2.8)
    actionmailer (3.1.0)
      actionpack (= 3.1.0)
      mail (~> 2.3.0)
    actionpack (3.1.0)
      activemodel (= 3.1.0)
      activesupport (= 3.1.0)
      builder (~> 3.0.0)
      erubis (~> 2.7.0)
      i18n (~> 0.6)
      rack (~> 1.3.2)
      rack-cache (~> 1.0.3)
      rack-mount (~> 0.8.2)
      rack-test (~> 0.6.1)
      sprockets (~> 2.0.0)
    activemodel (3.1.0)
      activesupport (= 3.1.0)
      bcrypt-ruby (~> 3.0.0)
      builder (~> 3.0.0)
      i18n (~> 0.6)
    activesupport (3.1.0)
      multi_json (~> 1.0)
    addressable (2.2.6)
    bcrypt-ruby (3.0.1)
    builder (3.0.0)
    childprocess (0.2.2)
      ffi (~> 1.0.6)
    data_objects (0.10.6)
      addressable (~> 2.1)
    database_cleaner (0.6.7)
    diff-lcs (1.1.3)
    dm-do-adapter (1.2.0.rc2)
      data_objects (~> 0.10.6)
      dm-core (~> 1.2.0.rc2)
    do_mysql (0.10.6)
      data_objects (= 0.10.6)
    erubis (2.7.0)
    escape (0.0.4)
    ffi (1.0.9)
    haml (3.1.3)
    hike (1.2.1)
    i18n (0.6.0)
    json (1.6.1)
    json_pure (1.6.1)
    launchy (2.0.5)
      addressable (~> 2.2.6)
    mail (2.3.0)
      i18n (>= 0.4.0)
      mime-types (~> 1.16)
      treetop (~> 1.4.8)
    mime-types (1.16)
    mixpanel (1.0.0)
      escape
      json
      rack
    multi_json (1.0.3)
    nokogiri (1.5.0)
    polyglot (0.3.2)
    rack (1.3.4)
    rack-cache (1.0.3)
      rack (>= 0.4)
    rack-mount (0.8.3)
      rack (>= 1.0.0)
    rack-ssl (1.3.2)
      rack
    rack-test (0.6.1)
      rack (>= 1.0)
    railties (3.1.0)
      actionpack (= 3.1.0)
      activesupport (= 3.1.0)
      rack-ssl (~> 1.3.2)
      rake (>= 0.8.7)
      rdoc (~> 3.4)
      thor (~> 0.14.6)
    rake (0.9.2)
    rdoc (3.9.4)
    rspec (2.6.0)
      rspec-core (~> 2.6.0)
      rspec-expectations (~> 2.6.0)
      rspec-mocks (~> 2.6.0)
    rspec-core (2.6.4)
    rspec-expectations (2.6.0)
      diff-lcs (~> 1.1.2)
    rspec-mocks (2.6.0)
    rspec-rails (2.6.1)
      actionpack (~> 3.0)
      activesupport (~> 3.0)
      railties (~> 3.0)
      rspec (~> 2.6.0)
    rubyzip (0.9.4)
    sass (3.1.8)
    selenium-webdriver (2.7.0)
      childprocess (>= 0.2.1)
      ffi (>= 1.0.7)
      json_pure
      rubyzip
    sprockets (2.0.1)
      hike (~> 1.2)
      rack (~> 1.0)
      tilt (~> 1.1, != 1.3.0)
    steak (2.0.0)
      capybara (>= 1.0.0)
      rspec-rails (>= 2.5.0)
    thor (0.14.6)
    tilt (1.3.3)
    treetop (1.4.10)
      polyglot
      polyglot (>= 0.3.1)
    tzinfo (0.3.29)
    virtus (0.0.8)
    xpath (0.1.4)
      nokogiri (~> 1.3)

PLATFORMS
  ruby

DEPENDENCIES
  RedCloth
  actionmailer (~> 3.1.0)
  actionpack (~> 3.1.0)
  activesupport (~> 3.1.0)
  capybara!
  database_cleaner
  dm-active_model (~> 1.2.0.rc1)!
  dm-aggregates (~> 1.2.0.rc1)!
  dm-core (~> 1.2.0.rc2)!
  dm-is-tree!
  dm-migrations (~> 1.2.0.rc1)!
  dm-mysql-adapter (~> 1.2.0.rc1)!
  dm-rails (~> 1.2.0.rc1)!
  dm-timestamps (~> 1.2.0.rc1)!
  dm-validations (~> 1.2.0.rc1)!
  dm-validations-i18n!
  exception_notification!
  haml
  json
  launchy
  mixpanel
  railties (~> 3.1.0)
  rspec-rails
  sass
  steak
  tzinfo
  voidtools!
  ya2yaml!
